GEM
  remote: https://rubygems.org/
  specs:
    ansi (1.5.0)
    builder (3.2.2)
    httparty (0.14.0)
      multi_xml (>= 0.5.2)
    minitest (5.9.0)
    minitest-reporters (1.1.11)
      ansi
      builder
      minitest (>= 5.0)
      ruby-progressbar
    multi_xml (0.5.5)
    ruby-progressbar (1.8.1)

PLATFORMS
  ruby

DEPENDENCIES
  httparty
  minitest-reporters

BUNDLED WITH
   1.12.5
